GIT
  remote: git://github.com/raulb/stethoscope.git
  revision: 1b7edef7b23ae080bacf4404831769a18203d602
  specs:
    stethoscope (0.2.3)
      dictionary (>= 1.0)
      rack (> 1.0)
      tilt (>= 1.0)

GIT
  remote: https://github.com/tmm1/http_parser.rb.git
  revision: 8595cac0e255c6f94b261144e464d1f7c4a2e594
  branch: latest-upstream
  specs:
    http_parser.rb (0.5.3)

GEM
  remote: https://rubygems.org/
  specs:
    addressable (2.3.3)
    backports (3.1.1)
    chunky_png (1.2.7)
    compass (0.12.2)
      chunky_png (~> 1.2)
      fssm (>= 0.2.7)
      sass (~> 3.1)
    cookiejar (0.3.0)
    daemons (1.1.9)
    dictionary (1.0.0)
    em-http-request (1.0.3)
      addressable (>= 2.2.3)
      cookiejar
      em-socksify
      eventmachine (>= 1.0.0.beta.4)
      http_parser.rb (>= 0.5.3)
    em-socksify (0.2.1)
      eventmachine (>= 1.0.0.beta.4)
    eventmachine (1.0.3)
    excon (0.16.10)
    faraday (0.8.6)
      multipart-post (~> 1.1)
    fssm (0.2.10)
    hashie (1.2.0)
    heroku-api (0.3.8)
      excon (~> 0.16.10)
    heroku-bouncer (0.0.1)
      heroku-api (>= 0.0.0)
      omniauth-heroku (>= 0.1.0)
      sinatra (~> 1.0)
    httpauth (0.2.0)
    json (1.7.7)
    jwt (0.1.7)
      multi_json (>= 1.5)
    multi_json (1.6.1)
    multipart-post (1.2.0)
    oauth2 (0.8.1)
      faraday (~> 0.8)
      httpauth (~> 0.1)
      jwt (~> 0.1.4)
      multi_json (~> 1.0)
      rack (~> 1.2)
    omniauth (1.1.3)
      hashie (~> 1.2)
      rack
    omniauth-heroku (0.1.0)
      omniauth (~> 1.0)
      omniauth-oauth2 (~> 1.0)
    omniauth-oauth2 (1.1.1)
      oauth2 (~> 0.8.0)
      omniauth (~> 1.0)
    rack (1.5.2)
    rack-flash3 (1.0.3)
      rack
    rack-protection (1.4.0)
      rack
    rack-test (0.6.2)
      rack (>= 1.0)
    sass (3.2.7)
    sinatra (1.3.5)
      rack (~> 1.4)
      rack-protection (~> 1.3)
      tilt (~> 1.3, >= 1.3.3)
    sinatra-contrib (1.3.2)
      backports (>= 2.0)
      eventmachine
      rack-protection
      rack-test
      sinatra (~> 1.3.0)
      tilt (~> 1.3)
    slim (1.3.6)
      temple (~> 0.5.5)
      tilt (~> 1.3.3)
    temple (0.5.5)
    thin (1.5.0)
      daemons (>= 1.0.9)
      eventmachine (>= 0.12.6)
      rack (>= 1.0.0)
    tilt (1.3.4)

PLATFORMS
  ruby

DEPENDENCIES
  compass
  em-http-request (~> 1.0)
  eventmachine (~> 1.0.0.beta)
  heroku-bouncer
  http_parser.rb!
  json
  rack-flash3
  sinatra-contrib
  slim
  stethoscope!
  thin
